GEM
  remote: http://rubygems.org/
  specs:
    activesupport (3.1.0)
      multi_json (~> 1.0)
    i18n (0.5.0)
    multi_json (1.0.3)
    rack (1.3.3)
    rmagick (2.13.1)
    sinatra (1.2.6)
      rack (~> 1.1)
      tilt (< 2.0, >= 1.2.2)
    tilt (1.3.3)
    tzinfo (0.3.23)

PLATFORMS
  ruby

DEPENDENCIES
  activesupport (= 3.1.0)
  i18n
  rmagick (= 2.13.1)
  sinatra (= 1.2.6)
  tzinfo
