GEM
  remote: http://rubygems.org/
  specs:
    activesupport (3.1.0)
      multi_json (~> 1.0)
    daemons (1.1.0)
    eventmachine (0.12.10)
    haml (3.1.3)
    i18n (0.5.0)
    multi_json (1.0.3)
    open-uri-cached (0.0.4)
    rack (1.3.3)
    rmagick (2.13.1)
    sinatra (1.2.6)
      rack (~> 1.1)
      tilt (< 2.0, >= 1.2.2)
    thin (1.2.7)
      daemons (>= 1.0.9)
      eventmachine (>= 0.12.6)
      rack (>= 1.0.0)
    tilt (1.3.3)
    tzinfo (0.3.23)

PLATFORMS
  ruby

DEPENDENCIES
  activesupport (= 3.1.0)
  haml (= 3.1.3)
  i18n
  open-uri-cached (= 0.0.4)
  rmagick (= 2.13.1)
  sinatra (= 1.2.6)
  thin
  tzinfo
